GEM
  remote: https://rubygems.org/
  specs:
    commander (4.4.7)
      highline (~> 2.0.0)
    highline (2.0.3)
    httparty (0.17.3)
      mime-types (~> 3.0)
      multi_xml (>= 0.5.2)
    mime-types (3.3.1)
      mime-types-data (~> 3.2015)
    mime-types-data (3.2019.1009)
    multi_xml (0.6.0)

PLATFORMS
  ruby

DEPENDENCIES
  commander
  httparty

BUNDLED WITH
   2.0.2
